GEM
  remote: https://rubygems.org/
  specs:
    ansi (1.5.0)
    builder (3.2.4)
    ffi (1.15.5)
    listen (3.8.0)
      rb-fsevent (~> 0.10, >= 0.10.3)
      rb-inotify (~> 0.9, >= 0.9.10)
    minitest (5.18.0)
    minitest-reporters (1.6.0)
      ansi
      builder
      minitest (>= 5.0)
      ruby-progressbar
    mustermann (3.0.0)
      ruby2_keywords (~> 0.0.1)
    nio4r (2.5.8)
    nokogiri (1.14.2-x86_64-linux)
      racc (~> 1.4)
    puma (6.1.1)
      nio4r (~> 2.0)
    racc (1.6.2)
    rack (2.2.6.3)
    rack-protection (3.0.5)
      rack
    rack-test (2.0.2)
      rack (>= 1.3)
    rake (13.0.6)
    rb-fsevent (0.11.2)
    rb-inotify (0.10.1)
      ffi (~> 1.0)
    rerun (0.14.0)
      listen (~> 3.0)
    ruby-progressbar (1.13.0)
    ruby2_keywords (0.0.5)
    sinatra (3.0.5)
      mustermann (~> 3.0)
      rack (~> 2.2, >= 2.2.4)
      rack-protection (= 3.0.5)
      tilt (~> 2.0)
    tilt (2.1.0)
    tosh_palindrome (0.1.1)

PLATFORMS
  x86_64-linux

DEPENDENCIES
  minitest
  minitest-reporters
  nokogiri
  puma
  rack-test
  rake
  rerun
  sinatra
  tosh_palindrome

RUBY VERSION
   ruby 2.7.4p191

BUNDLED WITH
   2.3.25
